GEM
  remote: https://rubygems.org/
  specs:
    byebug (11.0.1)
    line-bot-api (1.12.0)
    mustermann (1.0.3)
    rack (2.2.3)
    rack-protection (2.0.7)
      rack
    sinatra (2.0.7)
      mustermann (~> 1.0)
      rack (~> 2.0)
      rack-protection (= 2.0.7)
      tilt (~> 2.0)
    tilt (2.0.10)

PLATFORMS
  ruby

DEPENDENCIES
  byebug
  line-bot-api
  sinatra

BUNDLED WITH
   2.0.2
